GEM
  remote: https://rubygems.org/
  specs:
    cloudservers (0.4.2)
      json
    diff-lcs (1.2.5)
    ir_b (1.5.0)
    json (1.8.3)
    rake (10.1.0)
    rspec (2.99.0)
      rspec-core (~> 2.99.0)
      rspec-expectations (~> 2.99.0)
      rspec-mocks (~> 2.99.0)
    rspec-core (2.99.2)
    rspec-expectations (2.99.2)
      diff-lcs (>= 1.1.3, < 2.0)
    rspec-mocks (2.99.4)
    rubysl-abbrev (2.0.4)
    rubysl-e2mmap (2.0.0)
    rubysl-irb (2.0.4)
      rubysl-e2mmap (~> 2.0)
      rubysl-mathn (~> 2.0)
      rubysl-readline (~> 2.0)
      rubysl-thread (~> 2.0)
    rubysl-mathn (2.0.0)
    rubysl-readline (2.0.2)
    rubysl-singleton (2.0.0)
    rubysl-thread (2.0.2)

PLATFORMS
  ruby

DEPENDENCIES
  cloudservers
  ir_b
  rake
  rspec (~> 2.99)
  rubysl-abbrev
  rubysl-irb
  rubysl-singleton

BUNDLED WITH
   1.11.2
