GEM
  remote: http://rubygems.org/
  specs:
    chalofa_ruby-progressbar (0.0.9.1)
    cloudservers (0.4.1)
      json
    diff-lcs (1.1.2)
    fuubar (0.0.4)
      chalofa_ruby-progressbar (~> 0.0.9)
      rspec (~> 2.0)
      rspec-instafail (~> 0.1.4)
    json (1.5.1)
    rspec (2.5.0)
      rspec-core (~> 2.5.0)
      rspec-expectations (~> 2.5.0)
      rspec-mocks (~> 2.5.0)
    rspec-core (2.5.2)
    rspec-expectations (2.5.0)
      diff-lcs (~> 1.1.2)
    rspec-instafail (0.1.7)
    rspec-mocks (2.5.0)

PLATFORMS
  ruby

DEPENDENCIES
  cloudservers
  fuubar
  rspec
